GEM
  remote: https://rubygems.org/
  specs:
    coderay (1.1.1)
    json (1.8.3)
    method_source (0.8.2)
    paint (1.0.1)
    pry (0.10.3)
      coderay (~> 1.1.0)
      method_source (~> 0.8.1)
      slop (~> 3.4)
    restclient (0.11.3)
      paint (~> 1.0)
    slop (3.6.0)

PLATFORMS
  ruby

DEPENDENCIES
  json (~> 1.8, >= 1.8.3)
  pry (~> 0.10.3)
  restclient (~> 0.11.3)

BUNDLED WITH
   1.11.2
